NUGET
  remote: https://www.nuget.org/api/v2
    FAKE (4.63.2)
    MonoGame.Framework.WindowsDX (3.6.0.1625)
